GEM
  remote: http://rubygems.org/
  specs:
    RedCloth (4.2.7)
    ZenTest (4.5.0)
    actionmailer (3.1.0)
      actionpack (= 3.1.0)
      mail (~> 2.3.0)
    actionpack (3.1.0)
      activemodel (= 3.1.0)
      activesupport (= 3.1.0)
      builder (~> 3.0.0)
      erubis (~> 2.7.0)
      i18n (~> 0.6)
      rack (~> 1.3.2)
      rack-cache (~> 1.0.3)
      rack-mount (~> 0.8.2)
      rack-test (~> 0.6.1)
      sprockets (~> 2.0.0)
    activemodel (3.1.0)
      activesupport (= 3.1.0)
      bcrypt-ruby (~> 3.0.0)
      builder (~> 3.0.0)
      i18n (~> 0.6)
    activerecord (3.1.0)
      activemodel (= 3.1.0)
      activesupport (= 3.1.0)
      arel (~> 2.2.1)
      tzinfo (~> 0.3.29)
    activeresource (3.1.0)
      activemodel (= 3.1.0)
      activesupport (= 3.1.0)
    activesupport (3.1.0)
      multi_json (~> 1.0)
    ansi (1.4.1)
    archive-tar-minitar (0.5.2)
    arel (2.2.1)
    aws-s3 (0.6.2)
      builder
      mime-types
      xml-simple
    bcrypt-ruby (3.0.1)
    bluecloth (2.1.0)
    builder (3.0.0)
    camping (2.1)
      rack (>= 1.0)
    capistrano (2.6.0)
      highline
      net-scp (>= 1.0.0)
      net-sftp (>= 2.0.0)
      net-ssh (>= 2.0.14)
      net-ssh-gateway (>= 1.1.0)
    cgi_multipart_eof_fix (2.5.0)
    chronic (0.3.0)
    coffee-rails (3.1.1)
      coffee-script (>= 2.2.0)
      railties (~> 3.1.0)
    coffee-script (2.2.0)
      coffee-script-source
      execjs
    coffee-script-source (1.1.3)
    columnize (0.3.2)
    difflcs (0.6.6)
      positionrange (>= 0.6.0)
    erubis (2.7.0)
    execjs (1.2.9)
      multi_json (~> 1.0)
    expanded_date (0.2.1)
    extensions (0.6.0)
    fastercsv (1.5.4)
    fastthread (1.0.7)
    fileutils (0.7)
      rmagick (>= 2.13.1)
    gdata19 (0.1.9.2)
    gruff (0.3.6)
    highline (1.6.2)
    hike (1.2.1)
    hoe (2.9.1)
      rake (>= 0.8.7)
    hpricot (0.8.4)
    i18n (0.6.0)
    jquery-rails (1.0.17)
      railties (~> 3.0)
      thor (~> 0.14)
    json (1.6.1)
    json_pure (1.5.1)
    libv8 (3.3.10.4)
    libxml-ruby (2.2.2)
    linecache19 (0.5.12)
      ruby_core_source (>= 0.1.4)
    log4r (1.1.9)
    mail (2.3.0)
      i18n (>= 0.4.0)
      mime-types (~> 1.16)
      treetop (~> 1.4.8)
    mailfactory (1.4.0)
      mime-types (>= 1.13.1)
    mechanize (1.0.0)
      nokogiri (>= 1.2.1)
    metaid (1.0)
    methopara (0.3.2)
    mime-types (1.17.2)
    mocha (0.9.12)
    money (3.6.0)
      i18n (~> 0.4)
    multi_json (1.0.3)
    mysql2 (0.3.10)
    needle (1.3.0)
    needle-extras (1.0.0)
      needle (>= 1.2.0)
    net-scp (1.0.4)
      net-ssh (>= 1.99.1)
    net-sftp (2.0.5)
      net-ssh (>= 2.0.9)
    net-ssh (2.1.4)
    net-ssh-gateway (1.1.0)
      net-ssh (>= 1.99.1)
    nokogiri (1.5.0)
    polyglot (0.3.3)
    positionrange (0.7.0)
    rack (1.3.5)
    rack-cache (1.0.3)
      rack (>= 0.4)
    rack-mount (0.8.3)
      rack (>= 1.0.0)
    rack-ssl (1.3.2)
      rack
    rack-test (0.6.1)
      rack (>= 1.0)
    rails (3.1.0)
      actionmailer (= 3.1.0)
      actionpack (= 3.1.0)
      activerecord (= 3.1.0)
      activeresource (= 3.1.0)
      activesupport (= 3.1.0)
      bundler (~> 1.0)
      railties (= 3.1.0)
    railties (3.1.0)
      actionpack (= 3.1.0)
      activesupport (= 3.1.0)
      rack-ssl (~> 1.3.2)
      rake (>= 0.8.7)
      rdoc (~> 3.4)
      thor (~> 0.14.6)
    rake (0.9.2.2)
    rb-readline (0.4.1)
    rcov (0.9.9)
    rcov_rails (0.3.1)
      rcov
    rdoc (3.11)
      json (~> 1.4)
    rfacebook (0.9.8)
      hpricot (>= 0.6.0)
      mocha (>= 0.5.3)
    rmagick (2.13.1)
    ruby-debug-base19 (0.11.24)
      columnize (>= 0.3.1)
      linecache19 (>= 0.5.11)
      ruby_core_source (>= 0.1.4)
    ruby-debug19 (0.11.6)
      columnize (>= 0.3.1)
      linecache19 (>= 0.5.11)
      ruby-debug-base19 (>= 0.11.19)
    ruby-json (1.1.2)
    ruby-ole (1.2.11.1)
    ruby-openid (2.1.8)
    ruby_core_source (0.1.4)
      archive-tar-minitar (>= 0.5.2)
    rubyforge (2.0.4)
      json_pure (>= 1.1.7)
    rubyzip (0.9.4)
    rvideo (0.9.3)
    sass (3.1.10)
    sass-rails (3.1.5)
      actionpack (~> 3.1.0)
      railties (~> 3.1.0)
      sass (~> 3.1.10)
      tilt (~> 1.3.2)
    spreadsheet (0.6.5.2)
      ruby-ole (>= 1.0)
    sprockets (2.0.3)
      hike (~> 1.2)
      rack (~> 1.0)
      tilt (~> 1.1, != 1.3.0)
    therubyracer (0.9.9)
      libv8 (~> 3.3.10)
    thor (0.14.6)
    tilt (1.3.3)
    tmail (1.2.7.1)
    treetop (1.4.10)
      polyglot
      polyglot (>= 0.3.1)
    turn (0.8.3)
      ansi
    tzinfo (0.3.31)
    uglifier (1.1.0)
      execjs (>= 0.3.0)
      multi_json (>= 1.0.2)
    xml-simple (1.0.14)
    youtube (0.8.6)
      xml-simple (>= 1.0.9)

PLATFORMS
  ruby

DEPENDENCIES
  RedCloth
  ZenTest
  aws-s3
  bluecloth
  builder
  camping
  capistrano
  cgi_multipart_eof_fix
  chronic
  coffee-rails (~> 3.1.0)
  difflcs
  execjs
  expanded_date
  extensions
  fastercsv
  fastthread
  fileutils
  gdata19
  gruff
  hoe
  hpricot
  jquery-rails
  json
  libxml-ruby
  log4r
  mailfactory
  mechanize
  metaid
  methopara
  mime-types
  mocha
  money
  mysql2
  needle
  needle-extras
  net-sftp
  rails (= 3.1.0)
  rb-readline
  rcov
  rcov_rails
  rfacebook
  ruby-debug19
  ruby-json
  ruby-ole
  ruby-openid
  rubyforge
  rubyzip
  rvideo
  sass-rails (~> 3.1.0)
  spreadsheet
  therubyracer
  tmail (= 1.2.7.1)
  turn
  uglifier
  xml-simple
  youtube
